GIT
  remote: git://github.com/victormours/chaplin.git
  revision: 6e79910dcf393d56ba9daf0a48bd3e52a4c7de5f
  specs:
    chaplin (0.0.0)
      faraday
      mustache
      rack
      sinatra

GEM
  remote: https://rubygems.org/
  specs:
    faraday (0.9.1)
      multipart-post (>= 1.2, < 3)
    multipart-post (2.0.0)
    mustache (1.0.2)
    rack (1.6.4)
    rack-protection (1.5.3)
      rack
    sinatra (1.4.6)
      rack (~> 1.4)
      rack-protection (~> 1.4)
      tilt (>= 1.3, < 3)
    tilt (2.0.1)

PLATFORMS
  ruby

DEPENDENCIES
  chaplin!
  rack
